GIT
  remote: https://github.com/StatPro/csv-diff
  revision: e591186416edf971693089f1fe7250434396c9f8
  specs:
    csv-diff (0.6.1)

PATH
  remote: .
  specs:
    csv-diff-report (0.4.1)
      arg-parser (>= 0.2)
      axlsx (>= 1.3)
      color-console (>= 0.1)

GEM
  remote: https://rubygems.org/
  specs:
    arg-parser (0.4.1)
    axlsx (2.0.1)
      htmlentities (~> 4.3.1)
      nokogiri (>= 1.4.1)
      rubyzip (~> 1.0.0)
    color-console (0.3.5)
    htmlentities (4.3.4)
    nokogiri (1.13.10-x86_64-linux)
      racc (~> 1.4)
    racc (1.6.1)
    rubyzip (1.0.0)

PLATFORMS
  x86_64-linux

DEPENDENCIES
  csv-diff!
  csv-diff-report!

BUNDLED WITH
   2.3.26
